GEM
  remote: https://rubygems.org/
  specs:
    rack (2.0.3)

PLATFORMS
  ruby

DEPENDENCIES
  rack (~> 2.0)

BUNDLED WITH
   1.15.1
